PATH
  remote: .
  specs:
    corsair (0.1.0)

GEM
  remote: https://rubygems.org/
  specs:
    rake (10.4.2)

PLATFORMS
  ruby

DEPENDENCIES
  bundler (~> 1.7)
  corsair!
  rake (~> 10.0)
